NUGET
  remote: http://api.nuget.org/v3/index.json
    FSharp.Core (4.0.0.1)
    Microsoft.Owin (3.0.1)
      Owin (>= 1.0)
    Mono.Cecil (0.9.6.4)
    Owin (1.0)
    Suave (1.1.3)
      FSharp.Core (>= 3.1.2.5)
    Zafir (4.0.133.15-beta4)
    Zafir.FSharp (4.0.133.15-beta4)
      Zafir (>= 4.0.133.15-beta4)
    Zafir.Owin (4.0.43.74-beta4)
      Microsoft.Owin (>= 3.0.1)
      Owin (>= 1.0)
      Zafir (>= 4.0.132.194-beta4)
    Zafir.Suave (4.0.44.82-beta4)
      Mono.Cecil (>= 0.9.6.4)
      Suave (>= 1.1.3)
      Zafir (>= 4.0.132.194-beta4)
      Zafir.Owin (>= 4.0.43.74-beta4)
    Zafir.UI.Next (4.0.71.113-beta4)
      Zafir (>= 4.0.132.194-beta4)
